NUGET
  remote: https://nuget.org/api/v2
  specs:
    FsPickler (1.5.2) - framework: >= net45
    FsRandom (1.3.3) - framework: >= net45
    NuGet.CommandLine (3.3.0)
    Persimmon (1.0.0) - framework: >= net45
    Persimmon.Console (1.0.0) - framework: >= net45
    Persimmon.Dried (1.1.0) - framework: >= net45
      FsPickler (>= 1.5.2)
      FsRandom (>= 1.3.3)
      Persimmon (>= 1.0.0)
    Persimmon.Runner (1.0.0) - framework: >= net45
      Persimmon (>= 1.0.0)
